PATH
  remote: .
  specs:
    tool (0.0.1)
      guid

GEM
  remote: http://rubygems.org/
  specs:
    diff-lcs (1.1.3)
    guid (0.1.1)
    rspec (2.10.0)
      rspec-core (~> 2.10.0)
      rspec-expectations (~> 2.10.0)
      rspec-mocks (~> 2.10.0)
    rspec-core (2.10.0)
    rspec-expectations (2.10.0)
      diff-lcs (~> 1.1.3)
    rspec-mocks (2.10.1)

PLATFORMS
  ruby

DEPENDENCIES
  rspec
  tool!
